PATH
  remote: .
  specs:
    agilezen (0.2.0)
      faraday (~> 0.5.4)
      faraday_middleware (~> 0.3.0)
      hashie (~> 0.4.0)
      multi_json

GEM
  remote: http://rubygems.org/
  specs:
    addressable (2.2.6)
    builder (3.0.0)
    cucumber (0.10.7)
      builder (>= 2.1.2)
      diff-lcs (>= 1.1.2)
      gherkin (~> 2.4.0)
      json (>= 1.4.6)
      term-ansicolor (>= 1.0.5)
    diff-lcs (1.1.3)
    fakeweb (1.3.0)
    faraday (0.5.7)
      addressable (~> 2.2.4)
      multipart-post (~> 1.1.0)
      rack (>= 1.1.0, < 2)
    faraday_middleware (0.3.2)
      faraday (~> 0.5.4)
    gherkin (2.4.21)
      json (>= 1.4.6)
    hashie (0.4.0)
    json (1.6.5)
    multi_json (1.0.4)
    multipart-post (1.1.4)
    rack (1.4.1)
    rake (0.9.2.2)
    rspec (2.8.0)
      rspec-core (~> 2.8.0)
      rspec-expectations (~> 2.8.0)
      rspec-mocks (~> 2.8.0)
    rspec-core (2.8.0)
    rspec-expectations (2.8.0)
      diff-lcs (~> 1.1.2)
    rspec-mocks (2.8.0)
    term-ansicolor (1.0.7)

PLATFORMS
  ruby

DEPENDENCIES
  agilezen!
  bundler (~> 1.0)
  cucumber (~> 0.10.0)
  fakeweb (~> 1.3.0)
  rake (~> 0.8)
  rspec (~> 2.5)
